GEM
  remote: https://rubygems.org/
  specs:
    activesupport (5.2.7)
      concurrent-ruby (~> 1.0, >= 1.0.2)
      i18n (>= 0.7, < 2)
      minitest (~> 5.1)
      tzinfo (~> 1.1)
    concurrent-ruby (1.1.10)
    dotenv (2.7.6)
    i18n (1.10.0)
      concurrent-ruby (~> 1.0)
    minitest (5.15.0)
    rake (13.0.6)
    rumrunner (0.5.0)
      rake (~> 13.0)
    thread_safe (0.3.6)
    tzinfo (1.2.9)
      thread_safe (~> 0.1)

PLATFORMS
  x86_64-darwin-21
  x86_64-linux

DEPENDENCIES
  activesupport (~> 5.2)
  dotenv (~> 2.7)
  rake (~> 13.0)
  rumrunner (~> 0.5)

BUNDLED WITH
   2.3.6
